GEM
  remote: https://rubygems.org/
  specs:
    ansi (1.4.3)
    turn (0.9.6)
      ansi

PLATFORMS
  ruby

DEPENDENCIES
  turn
